GIT
  remote: git://github.com/songkick/transport.git
  revision: 75defc4862871268f547306f57655951547da675
  specs:
    songkick-transport (0.1.6)
      multipart-post (>= 1.1.0)
      yajl-ruby (>= 1.1.0)

GEM
  remote: https://rubygems.org/
  remote: https://BnrJb6FZyzspBboNJzYZ@gem.fury.io/govuk/
  specs:
    PriorityQueue (0.1.2)
    actionmailer (3.2.13)
      actionpack (= 3.2.13)
      mail (~> 2.5.3)
    actionpack (3.2.13)
      activemodel (= 3.2.13)
      activesupport (= 3.2.13)
      builder (~> 3.0.0)
      erubis (~> 2.7.0)
      journey (~> 1.0.4)
      rack (~> 1.4.5)
      rack-cache (~> 1.2)
      rack-test (~> 0.6.1)
      sprockets (~> 2.2.1)
    activemodel (3.2.13)
      activesupport (= 3.2.13)
      builder (~> 3.0.0)
    activerecord (3.2.13)
      activemodel (= 3.2.13)
      activesupport (= 3.2.13)
      arel (~> 3.0.2)
      tzinfo (~> 0.3.29)
    activeresource (3.2.13)
      activemodel (= 3.2.13)
      activesupport (= 3.2.13)
    activesupport (3.2.13)
      i18n (= 0.6.1)
      multi_json (~> 1.0)
    addressable (2.3.2)
    airbrake (3.1.5)
      builder
      girl_friday
    arel (3.0.2)
    builder (3.0.4)
    capybara (1.1.3)
      mime-types (>= 1.16)
      nokogiri (>= 1.3.3)
      rack (>= 1.0.0)
      rack-test (>= 0.5.4)
      selenium-webdriver (~> 2.0)
      xpath (~> 0.1.4)
    childprocess (0.3.5)
      ffi (~> 1.0, >= 1.0.6)
    chronic (0.9.1)
    ci_reporter (1.7.3)
      builder (>= 2.1.2)
    connection_pool (0.9.2)
    datainsight_logging (0.0.3)
      logging
    diff-lcs (1.1.3)
    erubis (2.7.0)
    eventmachine (1.0.0)
    execjs (1.4.0)
      multi_json (~> 1.0)
    fakeweb (1.3.0)
    faye-websocket (0.4.6)
      eventmachine (>= 0.12.0)
    ffi (1.1.5)
    girl_friday (0.11.1)
      connection_pool (~> 0.9.0)
      rubinius-actor
    govuk_frontend_toolkit (0.33.0)
      rails (>= 3.1.0)
      sass (>= 3.2.0)
    hike (1.2.1)
    http_parser.rb (0.5.3)
    httparty (0.10.0)
      multi_json (~> 1.0)
      multi_xml
    i18n (0.6.1)
    jasmine (1.2.0)
      jasmine-core (>= 1.2.0)
      rack (~> 1.0)
      rspec (>= 1.3.1)
      selenium-webdriver (>= 0.1.3)
    jasmine-core (1.2.0)
    jasmine-phantom (0.0.6)
      jasmine (>= 1.2.0)
    journey (1.0.4)
    json (1.7.7)
    kgio (2.7.4)
    libwebsocket (0.1.5)
      addressable
    little-plugger (1.1.3)
    logging (1.8.1)
      little-plugger (>= 1.1.3)
      multi_json (>= 1.3.6)
    lrucache (0.1.4)
      PriorityQueue (~> 0.1.2)
    mail (2.5.3)
      i18n (>= 0.4.0)
      mime-types (~> 1.16)
      treetop (~> 1.4.8)
    mime-types (1.21)
    multi_json (1.7.1)
    multi_xml (0.5.2)
    multipart-post (1.1.5)
    nokogiri (1.5.5)
    null_logger (0.0.1)
    plek (1.1.0)
      builder
    poltergeist (0.7.0)
      capybara (~> 1.1)
      childprocess (~> 0.3)
      faye-websocket (~> 0.4, >= 0.4.4)
      http_parser.rb (~> 0.5.3)
      multi_json (~> 1.0)
    polyglot (0.3.3)
    rack (1.4.5)
    rack-cache (1.2)
      rack (>= 0.4)
    rack-ssl (1.3.3)
      rack
    rack-test (0.6.2)
      rack (>= 1.0)
    rails (3.2.13)
      actionmailer (= 3.2.13)
      actionpack (= 3.2.13)
      activerecord (= 3.2.13)
      activeresource (= 3.2.13)
      activesupport (= 3.2.13)
      bundler (~> 1.0)
      railties (= 3.2.13)
    railties (3.2.13)
      actionpack (= 3.2.13)
      activesupport (= 3.2.13)
      rack-ssl (~> 1.3.2)
      rake (>= 0.8.7)
      rdoc (~> 3.4)
      thor (>= 0.14.6, < 2.0)
    raindrops (0.10.0)
    rake (10.0.3)
    rdoc (3.12.2)
      json (~> 1.4)
    router-client (3.1.0)
      activesupport
      builder
      null_logger
    rspec (2.11.0)
      rspec-core (~> 2.11.0)
      rspec-expectations (~> 2.11.0)
      rspec-mocks (~> 2.11.0)
    rspec-core (2.11.1)
    rspec-expectations (2.11.3)
      diff-lcs (~> 1.1.3)
    rspec-mocks (2.11.3)
    rspec-rails (2.11.0)
      actionpack (>= 3.0)
      activesupport (>= 3.0)
      railties (>= 3.0)
      rspec (~> 2.11.0)
    rubinius-actor (0.0.2)
      rubinius-core-api
    rubinius-core-api (0.0.1)
    rubyzip (0.9.9)
    sass (3.2.3)
    sass-rails (3.2.5)
      railties (~> 3.2.0)
      sass (>= 3.1.10)
      tilt (~> 1.3)
    selenium-webdriver (2.25.0)
      childprocess (>= 0.2.5)
      libwebsocket (~> 0.1.3)
      multi_json (~> 1.0)
      rubyzip
    slimmer (3.15.0)
      json
      lrucache (~> 0.1.3)
      nokogiri (~> 1.5.0)
      null_logger
      plek (>= 0.1.8)
      rack (>= 1.3.5)
    sprockets (2.2.2)
      hike (~> 1.2)
      multi_json (~> 1.0)
      rack (~> 1.0)
      tilt (~> 1.1, != 1.3.0)
    thor (0.17.0)
    tilt (1.3.6)
    treetop (1.4.12)
      polyglot
      polyglot (>= 0.3.1)
    tzinfo (0.3.37)
    uglifier (1.3.0)
      execjs (>= 0.3.0)
      multi_json (~> 1.0, >= 1.0.2)
    unicorn (4.4.0)
      kgio (~> 2.6)
      rack
      raindrops (~> 0.7)
    whenever (0.8.4)
      activesupport (>= 2.3.4)
      chronic (>= 0.6.3)
    xpath (0.1.4)
      nokogiri (~> 1.3)
    yajl-ruby (1.1.0)

PLATFORMS
  ruby

DEPENDENCIES
  airbrake (= 3.1.5)
  capybara (~> 1.1.3)
  ci_reporter (~> 1.7.3)
  datainsight_logging (~> 0.0.3)
  eventmachine (~> 1.0.0)
  fakeweb (~> 1.3.0)
  govuk_frontend_toolkit (~> 0.33.0)
  httparty (~> 0.10.0)
  jasmine (~> 1.2.0)
  jasmine-phantom (~> 0.0.6)
  plek (~> 1.1.0)
  poltergeist (~> 0.7.0)
  rails (= 3.2.13)
  router-client (= 3.1.0)
  rspec-rails (~> 2.11.0)
  sass-rails (~> 3.2.3)
  slimmer (~> 3.15.0)
  songkick-transport (~> 0.1.6)!
  uglifier (~> 1.3.0)
  unicorn (~> 4.4.0)
  whenever (~> 0.8.4)
