GIT
  remote: git://github.com/songkick/transport.git
  revision: 01c4c220288ca88a608998941eeae499e30dc997
  specs:
    songkick-transport (0.1.1)
      multipart-post (>= 1.1.0)
      yajl-ruby (>= 1.1.0)

GEM
  remote: http://rubygems.org/
  specs:
    PriorityQueue (0.1.2)
    actionmailer (3.2.7)
      actionpack (= 3.2.7)
      mail (~> 2.4.4)
    actionpack (3.2.7)
      activemodel (= 3.2.7)
      activesupport (= 3.2.7)
      builder (~> 3.0.0)
      erubis (~> 2.7.0)
      journey (~> 1.0.4)
      rack (~> 1.4.0)
      rack-cache (~> 1.2)
      rack-test (~> 0.6.1)
      sprockets (~> 2.1.3)
    activemodel (3.2.7)
      activesupport (= 3.2.7)
      builder (~> 3.0.0)
    activerecord (3.2.7)
      activemodel (= 3.2.7)
      activesupport (= 3.2.7)
      arel (~> 3.0.2)
      tzinfo (~> 0.3.29)
    activeresource (3.2.7)
      activemodel (= 3.2.7)
      activesupport (= 3.2.7)
    activesupport (3.2.7)
      i18n (~> 0.6)
      multi_json (~> 1.0)
    addressable (2.3.2)
    arel (3.0.2)
    builder (3.0.0)
    capybara (1.1.2)
      mime-types (>= 1.16)
      nokogiri (>= 1.3.3)
      rack (>= 1.0.0)
      rack-test (>= 0.5.4)
      selenium-webdriver (~> 2.0)
      xpath (~> 0.1.4)
    childprocess (0.3.5)
      ffi (~> 1.0, >= 1.0.6)
    ci_reporter (1.7.0)
      builder (>= 2.1.2)
    diff-lcs (1.1.3)
    erubis (2.7.0)
    eventmachine (1.0.0.rc.4)
    faye-websocket (0.4.6)
      eventmachine (>= 0.12.0)
    ffi (1.1.4)
    gds-api-adapters (0.2.2)
      lrucache (~> 0.1.1)
      null_logger
      plek
    hike (1.2.1)
    http_parser.rb (0.5.3)
    httparty (0.8.3)
      multi_json (~> 1.0)
      multi_xml
    i18n (0.6.0)
    jasmine (1.2.0)
      jasmine-core (>= 1.2.0)
      rack (~> 1.0)
      rspec (>= 1.3.1)
      selenium-webdriver (>= 0.1.3)
    jasmine-core (1.2.0)
    jasmine-phantom (0.0.5)
      jasmine (>= 1.2.0)
      rails (>= 3.0)
    journey (1.0.4)
    json (1.7.3)
    kgio (2.7.4)
    libwebsocket (0.1.5)
      addressable
    lrucache (0.1.3)
      PriorityQueue (~> 0.1.2)
    mail (2.4.4)
      i18n (>= 0.4.0)
      mime-types (~> 1.16)
      treetop (~> 1.4.8)
    mime-types (1.19)
    multi_json (1.3.6)
    multi_xml (0.5.1)
    multipart-post (1.1.5)
    nokogiri (1.5.5)
    null_logger (0.0.1)
    plek (0.3.0)
      builder
    poltergeist (0.7.0)
      capybara (~> 1.1)
      childprocess (~> 0.3)
      faye-websocket (~> 0.4, >= 0.4.4)
      http_parser.rb (~> 0.5.3)
      multi_json (~> 1.0)
    polyglot (0.3.3)
    rack (1.4.1)
    rack-cache (1.2)
      rack (>= 0.4)
    rack-protection (1.2.0)
      rack
    rack-ssl (1.3.2)
      rack
    rack-test (0.6.1)
      rack (>= 1.0)
    rails (3.2.7)
      actionmailer (= 3.2.7)
      actionpack (= 3.2.7)
      activerecord (= 3.2.7)
      activeresource (= 3.2.7)
      activesupport (= 3.2.7)
      bundler (~> 1.0)
      railties (= 3.2.7)
    railties (3.2.7)
      actionpack (= 3.2.7)
      activesupport (= 3.2.7)
      rack-ssl (~> 1.3.2)
      rake (>= 0.8.7)
      rdoc (~> 3.4)
      thor (>= 0.14.6, < 2.0)
    raindrops (0.10.0)
    rake (0.9.2)
    rdoc (3.12)
      json (~> 1.4)
    rspec (2.10.0)
      rspec-core (~> 2.10.0)
      rspec-expectations (~> 2.10.0)
      rspec-mocks (~> 2.10.0)
    rspec-core (2.10.1)
    rspec-expectations (2.10.0)
      diff-lcs (~> 1.1.3)
    rspec-mocks (2.10.1)
    rubyzip (0.9.9)
    selenium-webdriver (2.25.0)
      childprocess (>= 0.2.5)
      libwebsocket (~> 0.1.3)
      multi_json (~> 1.0)
      rubyzip
    sinatra (1.3.2)
      rack (~> 1.3, >= 1.3.6)
      rack-protection (~> 1.2)
      tilt (~> 1.3, >= 1.3.3)
    sinatra-content-for (0.1)
      sinatra
    slimmer (1.2.4)
      gds-api-adapters (>= 0.0.33, < 0.3.0)
      json
      nokogiri (~> 1.5.0)
      null_logger
      plek (>= 0.1.8)
      rack (>= 1.3.5)
    sprockets (2.1.3)
      hike (~> 1.2)
      rack (~> 1.0)
      tilt (~> 1.1, != 1.3.0)
    thor (0.15.4)
    tilt (1.3.3)
    treetop (1.4.10)
      polyglot
      polyglot (>= 0.3.1)
    tzinfo (0.3.33)
    unicorn (4.3.1)
      kgio (~> 2.6)
      rack
      raindrops (~> 0.7)
    xpath (0.1.4)
      nokogiri (~> 1.3)
    yajl-ruby (1.1.0)

PLATFORMS
  ruby

DEPENDENCIES
  capybara (~> 1.1.2)
  ci_reporter
  eventmachine (= 1.0.0.rc.4)
  httparty
  jasmine (= 1.2.0)
  jasmine-phantom
  json
  nokogiri
  poltergeist
  rack (= 1.4.1)
  rake (= 0.9.2)
  rspec (= 2.10.0)
  sinatra (= 1.3.2)
  sinatra-content-for (= 0.1)
  slimmer (= 1.2.4)
  songkick-transport!
  unicorn
